PATH
  remote: .
  specs:
    mkm4v (0.0.1)
      fraction (~> 0.1)
      iso-639 (~> 0.0.2)
      nokogiri (~> 1.5.9)
      plist (~> 3.1.0)
      trollop (~> 1.15)

GEM
  remote: http://rubygems.org/
  specs:
    coderay (1.0.6)
    diff-lcs (1.1.3)
    fakefs (0.4.0)
    fraction (0.3.2)
    hpricot (0.8.6)
    iso-639 (0.0.3)
    method_source (0.7.1)
    mustache (0.99.4)
    nokogiri (1.5.11)
    plist (3.1.0)
    pry (0.9.8.4)
      coderay (~> 1.0.5)
      method_source (~> 0.7.1)
      slop (>= 2.4.4, < 3)
    rake (13.0.1)
    rake-compiler (0.8.0)
      rake
    rdiscount (1.6.8)
    ronn (0.7.3)
      hpricot (>= 0.8.2)
      mustache (>= 0.7.0)
      rdiscount (>= 1.5.8)
    rspec (2.9.0)
      rspec-core (~> 2.9.0)
      rspec-expectations (~> 2.9.0)
      rspec-mocks (~> 2.9.0)
    rspec-core (2.9.0)
    rspec-expectations (2.9.1)
      diff-lcs (~> 1.1.3)
    rspec-mocks (2.9.0)
    slop (2.4.4)
    trollop (1.16.2)

PLATFORMS
  ruby

DEPENDENCIES
  fakefs (~> 0.4.0)
  mkm4v!
  pry (~> 0.9.8.4)
  rake-compiler (~> 0.8.0)
  ronn (~> 0.7.3)
  rspec (~> 2.9.0)
